PATH
  remote: .
  specs:
    adiwg-mdcodes (2.9.3)
      json (~> 2.0)

GEM
  remote: https://rubygems.org/
  specs:
    json (2.7.1)
    minitest (5.22.2)
    rake (12.3.3)

PLATFORMS
  arm64-darwin-22
  x86_64-linux

DEPENDENCIES
  adiwg-mdcodes!
  bundler (~> 2)
  minitest (~> 5)
  rake (~> 12)

BUNDLED WITH
   2.4.21
